GIT
  remote: git://github.com/nanoc/nanoc-cli.git
  revision: 02f6e5f4c2d86773b73d19ad593107bcad117550
  specs:
    nanoc-cli (4.0.0a1)
      cri (~> 2.3)
      nanoc-core (~> 4.0.0a1)

GIT
  remote: git://github.com/nanoc/nanoc-core.git
  revision: 49f41ea16794ab7a0ab3cf412a2a5d9c5a1a21e5
  specs:
    nanoc-core (4.0.0a1)
      ddplugin

PATH
  remote: .
  specs:
    nanoc-checking (1.0.0)
      colored
      nanoc-cli
      nanoc-core
      nokogiri
      w3c_validators

GEM
  remote: https://rubygems.org/
  specs:
    ast (1.1.0)
    colored (1.2)
    coveralls (0.7.0)
      multi_json (~> 1.3)
      rest-client
      simplecov (>= 0.7)
      term-ansicolor
      thor
    cri (2.5.0)
      colored (>= 1.2)
    ddplugin (0.1)
    docile (1.1.3)
    json (1.8.1)
    mime-types (2.2)
    mini_portile (0.5.2)
    minitest (5.3.1)
    multi_json (1.9.2)
    nokogiri (1.6.1)
      mini_portile (~> 0.5.0)
    parser (2.1.7)
      ast (~> 1.1)
      slop (~> 3.4, >= 3.4.5)
    powerpack (0.0.9)
    rainbow (2.0.0)
    rake (10.1.1)
    rest-client (1.6.7)
      mime-types (>= 1.16)
    rubocop (0.19.1)
      json (>= 1.7.7, < 2)
      parser (~> 2.1.7)
      powerpack (~> 0.0.6)
      rainbow (>= 1.99.1, < 3.0)
      ruby-progressbar (~> 1.4)
    ruby-progressbar (1.4.2)
    simplecov (0.8.2)
      docile (~> 1.1.0)
      multi_json
      simplecov-html (~> 0.8.0)
    simplecov-html (0.8.0)
    slop (3.5.0)
    term-ansicolor (1.3.0)
      tins (~> 1.0)
    thor (0.19.0)
    tins (1.0.1)
    w3c_validators (1.2)
      json
      nokogiri

PLATFORMS
  ruby

DEPENDENCIES
  bundler
  coveralls
  minitest
  nanoc-checking!
  nanoc-cli!
  nanoc-core!
  rake
  rubocop
  simplecov
